GIT
  remote: git://github.com/maxjustus/sinatra-authentication.git
  revision: a4be3fb79245f69f9779847e099ee1aac6dca87f
  specs:
    sinatra-authentication (0.4.2)
      dm-core
      dm-migrations
      dm-timestamps
      dm-validations
      rack-flash3
      rufus-tokyo
      sinatra
      sinbook

GEM
  remote: http://rubygems.org/
  specs:
    activemodel (3.2.9)
      activesupport (= 3.2.9)
      builder (~> 3.0.0)
    activesupport (3.2.9)
      i18n (~> 0.6)
      multi_json (~> 1.0)
    addressable (2.2.8)
    bson (1.8.0)
      activesupport
    bson_ext (1.8.0)
      bson (~> 1.8.0)
    builder (3.0.4)
    coffee-script (2.2.0)
      coffee-script-source
      execjs
    coffee-script-source (1.4.0)
    daemons (1.1.9)
    dm-core (1.2.0)
      addressable (~> 2.2.6)
    dm-migrations (1.2.0)
      dm-core (~> 1.2.0)
    dm-timestamps (1.2.0)
      dm-core (~> 1.2.0)
    dm-validations (1.2.0)
      dm-core (~> 1.2.0)
    dust-sinatra (0.1.2)
      execjs
      sinatra
      tilt
    encrypted_cookie (0.0.4)
    eventmachine (1.0.0)
    execjs (1.4.0)
      multi_json (~> 1.0)
    google4r-checkout (1.1.6)
      money (>= 2.3.0)
    i18n (0.6.1)
    money (5.1.0)
      i18n (~> 0.6.0)
    mongo (1.8.0)
      bson (~> 1.8.0)
    mongoid (3.0.14)
      activemodel (~> 3.1)
      moped (~> 1.1)
      origin (~> 1.0)
      tzinfo (~> 0.3.22)
    moped (1.3.0)
    multi_json (1.3.7)
    origin (1.0.11)
    rack (1.3.6)
    rack-flash (0.1.2)
      rack
    rack-flash3 (1.0.1)
      rack
      rack
    rack-protection (1.2.0)
      rack
    rufus-tokyo (1.0.7)
    sass (3.2.3)
    sinatra (1.3.3)
      rack (~> 1.3, >= 1.3.6)
      rack-protection (~> 1.2)
      tilt (~> 1.3, >= 1.3.3)
    sinatra-session (1.0.0)
      sinatra (>= 1.0)
    sinbook (0.1.9)
      yajl-ruby
    slim (1.3.4)
      temple (~> 0.5.5)
      tilt (~> 1.3.3)
    temple (0.5.5)
    thin (1.5.0)
      daemons (>= 1.0.9)
      eventmachine (>= 0.12.6)
      rack (>= 1.0.0)
    tilt (1.3.3)
    tzinfo (0.3.35)
    yajl-ruby (1.1.0)

PLATFORMS
  ruby

DEPENDENCIES
  bson_ext
  coffee-script
  dust-sinatra
  encrypted_cookie
  google4r-checkout
  mongo
  mongoid
  rack (= 1.3.6)
  rack-flash
  sass
  sinatra
  sinatra-authentication!
  sinatra-session
  slim
  thin
